PATH
  remote: .
  specs:
    ProMotion (1.1.2)
      methadone

GEM
  remote: https://rubygems.org/
  specs:
    bubble-wrap (1.4.0)
    coveralls (0.7.0)
      multi_json (~> 1.3)
      rest-client
      simplecov (>= 0.7)
      term-ansicolor
      thor
    docile (1.1.2)
    formotion (1.6)
      bubble-wrap (~> 1.4.0)
      motion-require (~> 0.0.3)
    methadone (1.3.1)
      bundler
    mime-types (2.0)
    motion-redgreen (0.1.0)
    motion-require (0.0.7)
    motion-stump (0.3.0)
    multi_json (1.8.4)
    rake (10.1.1)
    rest-client (1.6.7)
      mime-types (>= 1.16)
    simplecov (0.8.2)
      docile (~> 1.1.0)
      multi_json
      simplecov-html (~> 0.8.0)
    simplecov-html (0.8.0)
    term-ansicolor (1.2.2)
      tins (~> 0.8)
    thor (0.18.1)
    tins (0.13.1)
    webstub (1.0.1)

PLATFORMS
  ruby

DEPENDENCIES
  ProMotion!
  coveralls
  formotion
  motion-redgreen
  motion-stump
  rake
  webstub
