PATH
  remote: .
  specs:
    ProMotion (1.0.4)

GEM
  remote: https://rubygems.org/
  specs:
    bubble-wrap (1.4.0)
    formotion (1.6)
      bubble-wrap (~> 1.4.0)
      motion-require (~> 0.0.3)
    motion-redgreen (0.1.0)
    motion-require (0.0.7)
    motion-stump (0.3.0)
    rake (10.1.0)
    webstub (0.6.1)

PLATFORMS
  ruby

DEPENDENCIES
  ProMotion!
  formotion
  motion-redgreen
  motion-stump
  rake
  webstub
